GEM
  remote: http://rubygems.org/
  specs:
    RedCloth (4.2.3)
    diff-lcs (1.1.2)
    haml (3.0.24)
    hash-cache (0.1.1)
    indifferent-variable-hash (0.1.0)
    maruku (0.6.0)
      syntax (>= 1.0.0)
    rack (1.2.1)
    rack-test (0.5.6)
      rack (>= 1.0)
    rspec (2.3.0)
      rspec-core (~> 2.3.0)
      rspec-expectations (~> 2.3.0)
      rspec-mocks (~> 2.3.0)
    rspec-core (2.3.1)
    rspec-expectations (2.3.0)
      diff-lcs (~> 1.1.2)
    rspec-mocks (2.3.0)
    sinatra (1.1.0)
      rack (~> 1.1)
      tilt (~> 1.1)
    syntax (1.0.0)
    tilt (1.1)

PLATFORMS
  ruby

DEPENDENCIES
  RedCloth
  haml
  hash-cache
  indifferent-variable-hash
  maruku
  rack-test
  rspec
  sinatra
